GIT
  remote: git://github.com/dapi/vlad-extras.git
  revision: d3c667c75790d4dc42a3945fe56d201ae6330b61
  specs:
    vlad-extras (0.1.0)

GIT
  remote: git://github.com/dapi/vlad-git.git
  revision: 81493f27e4f333092d70c2fdd360fd6846149ced
  specs:
    vlad-git (2.2.0)
      vlad (>= 2.1.0)

GIT
  remote: git://github.com/dapi/vlad.git
  revision: 833b3a99c19b18028d8d55c8f42a4b4d110ed2a0
  specs:
    vlad (2.2.0.20110510)
      open4 (~> 0.9.0)
      rake (>= 0.8.0)
      rake-remote_task (~> 2.0)

GIT
  remote: https://github.com/intridea/omniauth.git
  revision: 5972c94792cf9e8f098d483ded0ce201bad53254
  specs:
    oa-basic (0.3.0.rc1)
      oa-core (= 0.3.0.rc1)
      rest-client (~> 1.6.0)
    oa-core (0.3.0.rc1)
    oa-enterprise (0.3.0.rc1)
      addressable (~> 2.2.6)
      net-ldap (~> 0.2.2)
      nokogiri (~> 1.5.0)
      oa-core (= 0.3.0.rc1)
      pyu-ruby-sasl (~> 0.0.3.1)
      rubyntlm (~> 0.1.1)
    oa-more (0.3.0.rc1)
      multi_json (~> 1.0.0)
      oa-core (= 0.3.0.rc1)
      rest-client (~> 1.6.0)
    oa-oauth (0.3.0.rc1)
      faraday (~> 0.7.3)
      multi_json (~> 1.0.0)
      multi_xml (~> 0.2.2)
      oa-core (= 0.3.0.rc1)
      oauth (~> 0.4.0)
      oauth2 (~> 0.5.0)
    oa-openid (0.3.0.rc1)
      oa-core (= 0.3.0.rc1)
      rack-openid (~> 1.3.1)
      ruby-openid-apps-discovery (~> 1.2.0)
    omniauth (0.3.0.rc1)
      oa-basic (= 0.3.0.rc1)
      oa-core (= 0.3.0.rc1)
      oa-enterprise (= 0.3.0.rc1)
      oa-more (= 0.3.0.rc1)
      oa-oauth (= 0.3.0.rc1)
      oa-openid (= 0.3.0.rc1)

GIT
  remote: https://github.com/plataformatec/devise.git
  revision: 919404df53a0ee9a8c5be50a3d74acf10ac2e38c
  specs:
    devise (1.4.2)
      bcrypt-ruby (~> 2.1.2)
      orm_adapter (~> 0.0.3)
      warden (~> 1.0.3)

GIT
  remote: https://github.com/typus/typus.git
  revision: 4ce814b8ee1e1f3bca7d400fa7787ccc35ad5a96
  specs:
    typus (3.0.11.rc5)
      bcrypt-ruby
      fastercsv (~> 1.5)
      rails (~> 3.0.8)
      render_inheritable
      will_paginate (~> 3.0.pre2)

GIT
  remote: https://github.com/yaroslav/russian.git
  revision: 57af7fee22f9c324ac6313064c36e582d58ba8df
  specs:
    russian (0.2.7)

GEM
  remote: http://rubygems.org/
  specs:
    abstract (1.0.0)
    actionmailer (3.0.9)
      actionpack (= 3.0.9)
      mail (~> 2.2.19)
    actionpack (3.0.9)
      activemodel (= 3.0.9)
      activesupport (= 3.0.9)
      builder (~> 2.1.2)
      erubis (~> 2.6.6)
      i18n (~> 0.5.0)
      rack (~> 1.2.1)
      rack-mount (~> 0.6.14)
      rack-test (~> 0.5.7)
      tzinfo (~> 0.3.23)
    active_record_defaults (1.0.1)
      activerecord (>= 2)
    activemodel (3.0.9)
      activesupport (= 3.0.9)
      builder (~> 2.1.2)
      i18n (~> 0.5.0)
    activerecord (3.0.9)
      activemodel (= 3.0.9)
      activesupport (= 3.0.9)
      arel (~> 2.0.10)
      tzinfo (~> 0.3.23)
    activeresource (3.0.9)
      activemodel (= 3.0.9)
      activesupport (= 3.0.9)
    activesupport (3.0.9)
    acts-as-taggable-on (2.0.6)
    acts_as_list (0.1.4)
    addressable (2.2.6)
    annotate (2.4.0)
    archive-tar-minitar (0.5.2)
    arel (2.0.10)
    bcrypt-ruby (2.1.4)
    builder (2.1.2)
    cancan (1.6.5)
    chunky_png (1.2.0)
    columnize (0.3.4)
    compass (0.11.5)
      chunky_png (~> 1.2)
      fssm (>= 0.2.7)
      sass (~> 3.1)
    diff-lcs (1.1.2)
    erubis (2.6.6)
      abstract (>= 1.0.0)
    factory_girl (2.0.2)
    factory_girl_generator (0.0.3)
    factory_girl_rails (1.1.0)
      factory_girl (~> 2.0.0)
      railties (>= 3.0.0)
    faraday (0.7.4)
      addressable (~> 2.2.6)
      multipart-post (~> 1.1.0)
      rack (< 2, >= 1.1.0)
    fastercsv (1.5.4)
    fssm (0.2.7)
    gritter (0.6.1)
    gritter_notices (0.3.4)
      actionpack (~> 3.0)
      activerecord (~> 3.0)
      gritter
      gritter (~> 0.6)
    haml (3.1.2)
    haml-rails (0.3.4)
      actionpack (~> 3.0)
      activesupport (~> 3.0)
      haml (~> 3.0)
      railties (~> 3.0)
    has_scope (0.5.1)
    hoptoad_notifier (2.4.11)
      activesupport
      builder
    hpricot (0.8.4)
    i18n (0.5.0)
    img_gravatar (0.2.1)
    inherited_resources (1.2.2)
      has_scope (~> 0.5.0)
      responders (~> 0.6.0)
    jquery-rails (1.0.12)
      railties (~> 3.0)
      thor (~> 0.14)
    kgio (2.6.0)
    linecache19 (0.5.12)
      ruby_core_source (>= 0.1.4)
    mail (2.2.19)
      activesupport (>= 2.3.6)
      i18n (>= 0.4.0)
      mime-types (~> 1.16)
      treetop (~> 1.4.8)
    mime-types (1.16)
    mocha (0.9.12)
    multi_json (1.0.3)
    multi_xml (0.2.2)
    multipart-post (1.1.3)
    net-ldap (0.2.2)
    nifty-generators (0.4.6)
    nokogiri (1.5.0)
    oauth (0.4.5)
    oauth2 (0.5.0)
      faraday (< 0.8, >= 0.6.1)
      multi_json (~> 1.0.0)
    open4 (0.9.6)
    orm_adapter (0.0.5)
    pg (0.11.0)
    polyglot (0.3.2)
    pyu-ruby-sasl (0.0.3.3)
    rack (1.2.3)
    rack-mount (0.6.14)
      rack (>= 1.0.0)
    rack-openid (1.3.1)
      rack (>= 1.1.0)
      ruby-openid (>= 2.1.8)
    rack-test (0.5.7)
      rack (>= 1.0)
    rails (3.0.9)
      actionmailer (= 3.0.9)
      actionpack (= 3.0.9)
      activerecord (= 3.0.9)
      activeresource (= 3.0.9)
      activesupport (= 3.0.9)
      bundler (~> 1.0)
      railties (= 3.0.9)
    rails_settings (0.1.1)
    railties (3.0.9)
      actionpack (= 3.0.9)
      activesupport (= 3.0.9)
      rake (>= 0.8.7)
      rdoc (~> 3.4)
      thor (~> 0.14.4)
    raindrops (0.7.0)
    rake (0.9.2)
    rake-remote_task (2.0.4)
      open4 (~> 0.9.0)
      rake (~> 0.8)
    rcov (0.9.9)
    rdoc (3.9.1)
    render_inheritable (1.0.0)
      rails (~> 3.0)
    responders (0.6.4)
    rest-client (1.6.3)
      mime-types (>= 1.16)
    rfc-822 (0.3.0)
    rspec (2.6.0)
      rspec-core (~> 2.6.0)
      rspec-expectations (~> 2.6.0)
      rspec-mocks (~> 2.6.0)
    rspec-core (2.6.4)
    rspec-expectations (2.6.0)
      diff-lcs (~> 1.1.2)
    rspec-mocks (2.6.0)
    rspec-rails (2.6.1)
      actionpack (~> 3.0)
      activesupport (~> 3.0)
      railties (~> 3.0)
      rspec (~> 2.6.0)
    ruby-debug-base19 (0.11.25)
      columnize (>= 0.3.1)
      linecache19 (>= 0.5.11)
      ruby_core_source (>= 0.1.4)
    ruby-debug19 (0.11.6)
      columnize (>= 0.3.1)
      linecache19 (>= 0.5.11)
      ruby-debug-base19 (>= 0.11.19)
    ruby-openid (2.1.8)
    ruby-openid-apps-discovery (1.2.0)
      ruby-openid (>= 2.1.7)
    ruby_core_source (0.1.5)
      archive-tar-minitar (>= 0.5.2)
    ruby_parser (2.0.6)
      sexp_processor (~> 3.0)
    rubyntlm (0.1.1)
    sass (3.1.6)
    sexp_processor (3.0.5)
    shoulda (2.11.3)
    simple_form (1.4.2)
      actionpack (~> 3.0)
      activemodel (~> 3.0)
    state_machine (1.0.1)
    stateful_link (0.0.9)
      rails (>= 3)
    thor (0.14.6)
    treetop (1.4.10)
      polyglot
      polyglot (>= 0.3.1)
    tzinfo (0.3.29)
    unicorn (4.0.1)
      kgio (~> 2.4)
      rack
      raindrops (~> 0.6)
    vlad-unicorn (2.0.0)
      vlad (~> 2.0)
    warden (1.0.5)
      rack (>= 1.0)
    will_paginate (3.0.0)
    wirble (0.1.3)

PLATFORMS
  ruby

DEPENDENCIES
  active_record_defaults
  acts-as-taggable-on
  acts_as_list
  annotate
  cancan
  compass
  devise!
  factory_girl_generator
  factory_girl_rails
  gritter_notices
  haml (~> 3.1.2)
  haml-rails
  hoptoad_notifier
  hpricot
  img_gravatar
  inherited_resources
  jquery-rails (>= 0.2.6)
  mocha
  nifty-generators
  omniauth!
  pg
  rails (~> 3.0.8)
  rails_settings (~> 0.1.1)
  rcov
  rfc-822
  rspec
  rspec-rails
  ruby-debug19
  ruby_parser
  russian!
  sass (~> 3.1)
  shoulda
  simple_form
  state_machine
  stateful_link
  typus!
  unicorn
  vlad!
  vlad-extras!
  vlad-git!
  vlad-unicorn
  wirble
